GEM
  remote: http://www.rubygems.org/
  specs:
    builder (3.2.2)
    docile (1.1.5)
    jwt (1.4.1)
    multi_json (1.11.0)
    simplecov (0.9.2)
      docile (~> 1.1.0)
      multi_json (~> 1.0)
      simplecov-html (~> 0.9.0)
    simplecov-html (0.9.0)
    twilio-ruby (3.15.2)
      builder (>= 2.1.2)
      jwt (~> 1.0)
      multi_json (>= 1.3.0)

PLATFORMS
  ruby

DEPENDENCIES
  simplecov
  twilio-ruby
